PATH
  remote: .
  specs:
    jstree-rails-4 (3.3.8)

GEM
  remote: http://rubygems.org/
  specs:
    httpclient (2.8.3)
    json (2.0.4)
    thor (0.20.3)

PLATFORMS
  ruby

DEPENDENCIES
  bundler (~> 2.1)
  httpclient (~> 2.8.3)
  json (~> 2.0.3)
  jstree-rails-4!
  thor (~> 0.19)

BUNDLED WITH
   2.1.4
